GEM
  remote: http://rubygems.org/
  specs:
    diff-lcs (1.1.2)
    fattr (2.2.0)
    git (1.2.5)
    jeweler (1.5.1)
      bundler (~> 1.0.0)
      git (>= 1.2.5)
      rake
    rake (0.8.7)
    rcov (0.9.9)
    rspec (2.1.0)
      rspec-core (~> 2.1.0)
      rspec-expectations (~> 2.1.0)
      rspec-mocks (~> 2.1.0)
    rspec-core (2.1.0)
    rspec-expectations (2.1.0)
      diff-lcs (~> 1.1.2)
    rspec-mocks (2.1.0)
    session (3.1.0)
      fattr
    yard (0.6.3)

PLATFORMS
  ruby

DEPENDENCIES
  jeweler (~> 1.5.1)
  rcov
  rspec (~> 2.1.0)
  session
  yard (~> 0.6.0)
